GEM
  remote: http://rubygems.org/
  specs:
    camping (2.1.467)
      rack (>= 1.0)
    rack (1.4.0)

PLATFORMS
  ruby

DEPENDENCIES
  camping
